GEM
  remote: https://rubygems.org/
  specs:
    exifr (1.1.3)

PLATFORMS
  ruby

DEPENDENCIES
  exifr
